FRAMEWORK: >= NET45
NUGET
  remote: https://www.nuget.org/api/v2
  specs:
    FAKE (4.22.8)
    FSharp.Core (4.0.0.1)
    Microsoft.AspNet.WebApi.Client (5.2.3)
      Newtonsoft.Json (>= 6.0.4)
    Microsoft.AspNet.WebApi.Core (5.2.3)
      Microsoft.AspNet.WebApi.Client (>= 5.2.3)
    Microsoft.Bot.Builder (1.0)
      Microsoft.AspNet.WebApi.Client (>= 5.2.3)
      Microsoft.AspNet.WebApi.Core (>= 5.2.3)
      Microsoft.Bot.Connector (>= 1.0)
      Microsoft.Rest.ClientRuntime (>= 1.8.2)
      Microsoft.WindowsAzure.ConfigurationManager (>= 3.1)
      Newtonsoft.Json (>= 7.0.1)
    Microsoft.Bot.Connector (1.0)
      Microsoft.Rest.ClientRuntime (>= 1.8.2 < 2.0)
      Microsoft.WindowsAzure.ConfigurationManager (>= 3.1)
      Newtonsoft.Json (>= 7.0.1)
    Microsoft.Rest.ClientRuntime (1.8.2)
      Newtonsoft.Json (>= 6.0.8)
    Microsoft.WindowsAzure.ConfigurationManager (3.2.1)
    Newtonsoft.Json (8.0.3)
    Suave (1.1.2)
      FSharp.Core (>= 3.1.2.5)
